PATH
  remote: .
  specs:
    railspp (0.3.2)
      faker (~> 1.9)
      rack-cors

GEM
  remote: https://rubygems.org/
  specs:
    concurrent-ruby (1.1.4)
    faker (1.9.3)
      i18n (>= 0.7)
    i18n (1.5.3)
      concurrent-ruby (~> 1.0)
    rack (2.2.2)
    rack-cors (1.0.5)
      rack (>= 1.6.0)

PLATFORMS
  ruby

DEPENDENCIES
  faker (~> 1.9)
  rack-cors
  railspp!

BUNDLED WITH
   1.17.3
